GEM
  remote: http://rubygems.org/
  specs:
    actionmailer (3.1.11)
      actionpack (= 3.1.11)
      mail (~> 2.3.3)
    actionpack (3.1.11)
      activemodel (= 3.1.11)
      activesupport (= 3.1.11)
      builder (~> 3.0.0)
      erubis (~> 2.7.0)
      i18n (~> 0.6)
      rack (~> 1.3.6)
      rack-cache (~> 1.2)
      rack-mount (~> 0.8.2)
      rack-test (~> 0.6.1)
      sprockets (~> 2.0.4)
    activemodel (3.1.11)
      activesupport (= 3.1.11)
      builder (~> 3.0.0)
      i18n (~> 0.6)
    activerecord (3.1.11)
      activemodel (= 3.1.11)
      activesupport (= 3.1.11)
      arel (~> 2.2.3)
      tzinfo (~> 0.3.29)
    activeresource (3.1.11)
      activemodel (= 3.1.11)
      activesupport (= 3.1.11)
    activesupport (3.1.11)
      multi_json (~> 1.0)
    addressable (2.3.2)
    ansi (1.4.3)
    arel (2.2.3)
    builder (3.0.4)
    capistrano (2.14.2)
      highline
      net-scp (>= 1.0.0)
      net-sftp (>= 2.0.0)
      net-ssh (>= 2.0.14)
      net-ssh-gateway (>= 1.1.0)
    coffee-rails (3.1.1)
      coffee-script (>= 2.2.0)
      railties (~> 3.1.0)
    coffee-script (2.2.0)
      coffee-script-source
      execjs
    coffee-script-source (1.4.0)
    daemons (1.1.9)
    erubis (2.7.0)
    eventmachine (1.0.0)
    execjs (1.4.0)
      multi_json (~> 1.0)
    hashie (1.2.0)
    highline (1.6.15)
    hike (1.2.1)
    hpricot (0.8.6)
    i18n (0.6.1)
    innertube (1.0.2)
    jquery-rails (2.2.1)
      railties (>= 3.0, < 5.0)
      thor (>= 0.14, < 2.0)
    json (1.7.7)
    kgio (2.8.0)
    libv8 (3.11.8.13)
    mail (2.3.3)
      i18n (>= 0.4.0)
      mime-types (~> 1.16)
      treetop (~> 1.4.8)
    middleware (0.1.0)
    mime-types (1.21)
    mini_portile (0.5.1)
    multi_json (1.5.1)
    mysql2 (0.3.12b5)
    net-scp (1.1.0)
      net-ssh (>= 2.6.5)
    net-sftp (2.1.1)
      net-ssh (>= 2.6.5)
    net-ssh (2.6.5)
    net-ssh-gateway (1.2.0)
      net-ssh (>= 2.6.5)
    nokogiri (1.6.0)
      mini_portile (~> 0.5.0)
    omniauth (1.1.2)
      hashie (~> 1.2)
      rack
    omniauth-cas (1.0.1)
      addressable (~> 2.3)
      nokogiri (~> 1.5)
      omniauth (~> 1.1.0)
    pg (0.14.1)
    polyglot (0.3.3)
    rack (1.3.10)
    rack-cache (1.2)
      rack (>= 0.4)
    rack-mount (0.8.3)
      rack (>= 1.0.0)
    rack-ssl (1.3.3)
      rack
    rack-test (0.6.2)
      rack (>= 1.0)
    rails (3.1.11)
      actionmailer (= 3.1.11)
      actionpack (= 3.1.11)
      activerecord (= 3.1.11)
      activeresource (= 3.1.11)
      activesupport (= 3.1.11)
      bundler (~> 1.0)
      railties (= 3.1.11)
    railties (3.1.11)
      actionpack (= 3.1.11)
      activesupport (= 3.1.11)
      rack-ssl (~> 1.3.2)
      rake (>= 0.8.7)
      rdoc (~> 3.4)
      thor (~> 0.14.6)
    raindrops (0.10.0)
    rake (10.0.3)
    rdoc (3.12.1)
      json (~> 1.4)
    ref (1.0.2)
    riddle (1.5.6)
    sass (3.2.5)
    sass-rails (3.1.7)
      actionpack (~> 3.1.0)
      railties (~> 3.1.0)
      sass (>= 3.1.10)
      tilt (~> 1.3.2)
    sprockets (2.0.4)
      hike (~> 1.2)
      rack (~> 1.0)
      tilt (~> 1.1, != 1.3.0)
    sqlite3 (1.3.7)
    therubyracer (0.11.3)
      libv8 (~> 3.11.8.12)
      ref
    thin (1.5.0)
      daemons (>= 1.0.9)
      eventmachine (>= 0.12.6)
      rack (>= 1.0.0)
    thinking-sphinx (3.0.3)
      activerecord (>= 3.1.0)
      builder (>= 2.1.2)
      innertube (>= 1.0.2)
      middleware (>= 0.1.0)
      riddle (>= 1.5.6)
    thor (0.14.6)
    tilt (1.3.3)
    treetop (1.4.12)
      polyglot
      polyglot (>= 0.3.1)
    turn (0.9.6)
      ansi
    tzinfo (0.3.35)
    uglifier (1.3.0)
      execjs (>= 0.3.0)
      multi_json (~> 1.0, >= 1.0.2)
    unicorn (4.6.0)
      kgio (~> 2.6)
      rack
      raindrops (~> 0.7)

PLATFORMS
  ruby

DEPENDENCIES
  capistrano
  coffee-rails (~> 3.1.1)
  hpricot
  jquery-rails
  json (~> 1.7.7)
  mysql2 (= 0.3.12b5)
  omniauth
  omniauth-cas
  pg
  rails (~> 3.1.10)
  sass-rails (~> 3.1.4)
  sqlite3
  therubyracer
  thin
  thinking-sphinx (~> 3.0.2)
  turn
  uglifier (>= 1.0.3)
  unicorn
